GEM
  remote: http://rubygems.org/
  specs:
    diff-lcs (1.1.3)
    facets (2.9.3)
    fattr (2.2.1)
    git (1.2.5)
    jeweler (1.8.4)
      bundler (~> 1.0)
      git (>= 1.2.5)
      rake
      rdoc
    json (1.7.7)
    mharris_ext (1.7.0)
      facets
      fattr
    rake (10.0.4)
    rdoc (3.12.2)
      json (~> 1.4)
    rfuse (1.0.3)
    rfusefs (1.0.0)
      rfuse (~> 1.0)
    rspec (2.8.0)
      rspec-core (~> 2.8.0)
      rspec-expectations (~> 2.8.0)
      rspec-mocks (~> 2.8.0)
    rspec-core (2.8.0)
    rspec-expectations (2.8.0)
      diff-lcs (~> 1.1.2)
    rspec-mocks (2.8.0)

PLATFORMS
  ruby

DEPENDENCIES
  bundler (>= 1.0.0)
  jeweler (~> 1.8.4)
  json
  mharris_ext
  rdoc (~> 3.12)
  rfusefs
  rspec (~> 2.8.0)
